GEM
  remote: http://rubygems.org/
  specs:
    eventmachine (0.12.10)
    nokogiri (1.4.4)

PLATFORMS
  ruby

DEPENDENCIES
  eventmachine
  nokogiri
