GEM
  remote: http://rubygems.org/
  specs:
    eventmachine (0.12.10)
    mechanize (1.0.0)
      nokogiri (>= 1.2.1)
    nokogiri (1.4.4)

PLATFORMS
  ruby

DEPENDENCIES
  eventmachine
  mechanize
  nokogiri
